GIT
  remote: git@github.com:tomas-stefano/infinity_test.git
  revision: 9eb9aff53eee758da7721f45bb580d1ba6f75bc5
  specs:
    infinity_test (1.0.3)
      notifiers (= 1.1.0)
      notifiers (>= 1.1.0)
      watchr (= 0.7)
      watchr (>= 0.7)

GEM
  remote: http://rubygems.org/
  specs:
    aruba (0.3.7)
      childprocess (>= 0.1.9)
      cucumber (>= 0.10.5)
      rspec (>= 2.6.0)
    builder (3.0.0)
    childprocess (0.1.9)
      ffi (~> 1.0.6)
    cucumber (0.10.6)
      builder (>= 2.1.2)
      diff-lcs (>= 1.1.2)
      gherkin (~> 2.4.0)
      json (>= 1.4.6)
      term-ansicolor (>= 1.0.5)
    diff-lcs (1.1.2)
    ffi (1.0.9)
    gherkin (2.4.0)
      json (>= 1.4.6)
    json (1.5.1)
    notifiers (1.1.0)
    rspec (2.6.0)
      rspec-core (~> 2.6.0)
      rspec-expectations (~> 2.6.0)
      rspec-mocks (~> 2.6.0)
    rspec-core (2.6.4)
    rspec-expectations (2.6.0)
      diff-lcs (~> 1.1.2)
    rspec-mocks (2.6.0)
    term-ansicolor (1.0.5)
    watchr (0.7)

PLATFORMS
  ruby

DEPENDENCIES
  aruba (= 0.3.7)
  cucumber (= 0.10.6)
  infinity_test!
  rspec (= 2.6.0)
